NUGET
  remote: https://www.nuget.org/api/v2
    FAKE (4.28)
    FSharp.Compiler.Service (3.0)
    FSharp.Core (4.0.0.1)
    FSharp.Data (2.3.1)
      Zlib.Portable (>= 1.11) - framework: portable-net45+sl5+win8, portable-net45+win8, portable-net45+win8+wp8+wpa81
    FSharp.Data.TypeProviders (5.0.0.2)
      FSharp.Core (>= 3.1.2.5)
    Suave (1.1.3)
      FSharp.Core (>= 3.1.2.5)
    Zlib.Portable (1.11) - framework: portable-net45+sl5+win8, portable-net45+win8, portable-net45+win8+wp8+wpa81
